GEM
  remote: https://rubygems.org/
  specs:
    mini_portile2 (2.8.2)
    nokogiri (1.15.2)
      mini_portile2 (~> 2.8.2)
      racc (~> 1.4)
    racc (1.6.2)
    rake (13.0.6)

PLATFORMS
  ruby

DEPENDENCIES
  nokogiri
  rake

BUNDLED WITH
   2.3.26
