GEM
  remote: https://rubygems.org/
  specs:
    mini_portile2 (2.4.0)
    nokogiri (1.10.10)
      mini_portile2 (~> 2.4.0)
    rake (13.0.1)

PLATFORMS
  ruby

DEPENDENCIES
  nokogiri
  rake

BUNDLED WITH
   2.1.4
